GEM
  remote: https://rubygems.org/
  specs:
    POpen4 (0.1.4)
      Platform (>= 0.4.0)
      open4
    Platform (0.4.0)
    haml (4.0.2)
      tilt
    hike (1.2.2)
    htmlentities (4.3.1)
    multi_json (1.7.3)
    open4 (1.3.0)
    rack (1.5.2)
    rack-protection (1.5.0)
      rack
    sinatra (1.4.2)
      rack (~> 1.5, >= 1.5.2)
      rack-protection (~> 1.4)
      tilt (~> 1.3, >= 1.3.4)
    sprockets (2.9.3)
      hike (~> 1.2)
      multi_json (~> 1.0)
      rack (~> 1.0)
      tilt (~> 1.1, != 1.3.0)
    tilt (1.4.0)
    yui-compressor (0.9.6)
      POpen4 (>= 0.1.4)

PLATFORMS
  ruby

DEPENDENCIES
  haml (~> 4.0.2)
  htmlentities (~> 4.3.1)
  sinatra (~> 1.4.2)
  sprockets (~> 2.9.3)
  yui-compressor (~> 0.9.6)
