GEM
  remote: https://rubygems.org/
  specs:
    execjs (2.0.2)
    haml (4.0.5)
      tilt
    hike (1.2.3)
    htmlentities (4.3.1)
    json (1.8.1)
    multi_json (1.8.4)
    rack (1.5.2)
    rack-protection (1.5.2)
      rack
    redcarpet (3.0.0)
    sinatra (1.4.4)
      rack (~> 1.4)
      rack-protection (~> 1.4)
      tilt (~> 1.3, >= 1.3.4)
    sprockets (2.10.1)
      hike (~> 1.2)
      multi_json (~> 1.0)
      rack (~> 1.0)
      tilt (~> 1.1, != 1.3.0)
    tilt (1.4.1)
    uglifier (2.4.0)
      execjs (>= 0.3.0)
      json (>= 1.8.0)
    yui-compressor (0.12.0)

PLATFORMS
  ruby

DEPENDENCIES
  haml (~> 4.0)
  htmlentities (~> 4.3)
  redcarpet (~> 3.0)
  sinatra (~> 1.4)
  sprockets (~> 2.10)
  uglifier (~> 2.4)
  yui-compressor (~> 0.12)
