GEM
  remote: https://rubygems.org/
  specs:
    haml (4.0.3)
      tilt
    hike (1.2.3)
    htmlentities (4.3.1)
    multi_json (1.7.7)
    rack (1.5.2)
    rack-protection (1.5.0)
      rack
    sinatra (1.4.3)
      rack (~> 1.4)
      rack-protection (~> 1.4)
      tilt (~> 1.3, >= 1.3.4)
    sprockets (2.10.0)
      hike (~> 1.2)
      multi_json (~> 1.0)
      rack (~> 1.0)
      tilt (~> 1.1, != 1.3.0)
    tilt (1.4.1)
    yui-compressor (0.11.0)

PLATFORMS
  ruby

DEPENDENCIES
  haml (~> 4.0.2)
  htmlentities (~> 4.3.1)
  sinatra (~> 1.4.2)
  sprockets (~> 2.10.0)
  yui-compressor (~> 0.11.0)
