GEM
  remote: https://rubygems.org/
  specs:
    bourbon (4.2.3)
      sass (~> 3.4)
      thor
    dotenv (2.0.1)
    execjs (2.5.2)
    haml (4.0.6)
      tilt
    jsmin (1.0.1)
    json (1.8.3)
    kgio (2.9.3)
    mina (0.3.4)
      open4 (~> 1.3.4)
      rake
    mina-unicorn (0.3.0)
    open4 (1.3.4)
    rack (1.6.2)
    rack-protection (1.5.3)
      rack
    rack-test (0.6.3)
      rack (>= 1.0)
    raindrops (0.13.0)
    rake (10.4.2)
    redcarpet (3.3.1)
    rouge (1.9.0)
    sass (3.4.14)
    sinatra (1.4.6)
      rack (~> 1.4)
      rack-protection (~> 1.4)
      tilt (>= 1.3, < 3)
    sinatra-assetpack (0.3.3)
      jsmin
      rack-test
      sinatra
      tilt (>= 1.3.0, < 2.0)
    thor (0.19.1)
    tilt (1.4.1)
    uglifier (2.7.1)
      execjs (>= 0.3.0)
      json (>= 1.8.0)
    unicorn (4.9.0)
      kgio (~> 2.6)
      rack
      raindrops (~> 0.7)

PLATFORMS
  ruby

DEPENDENCIES
  bourbon
  dotenv
  haml
  mina
  mina-unicorn
  redcarpet
  rouge
  sinatra
  sinatra-assetpack
  uglifier
  unicorn
