GEM
  remote: https://rubygems.org/
  specs:
    backports (3.3.0)
    eventmachine (1.0.3)
    haml (4.0.2)
      tilt
    htmlentities (4.3.1)
    jsmin (1.0.1)
    rack (1.5.2)
    rack-protection (1.5.0)
      rack
    rack-test (0.6.2)
      rack (>= 1.0)
    sinatra (1.4.2)
      rack (~> 1.5, >= 1.5.2)
      rack-protection (~> 1.4)
      tilt (~> 1.3, >= 1.3.4)
    sinatra-assetpack (0.2.2)
      backports
      jsmin
      rack-test
      sinatra
      tilt (>= 1.3.0)
    sinatra-contrib (1.4.0)
      backports (>= 2.0)
      eventmachine
      rack-protection
      rack-test
      sinatra (~> 1.4.2)
      tilt (~> 1.3)
    tilt (1.4.0)

PLATFORMS
  ruby

DEPENDENCIES
  haml (~> 4.0.2)
  htmlentities (~> 4.3.1)
  sinatra (~> 1.4.2)
  sinatra-assetpack (~> 0.2.2)
  sinatra-contrib
